GEM
  remote: https://rubygems.org/
  specs:
    activesupport (3.2.12)
      i18n (~> 0.6)
      multi_json (~> 1.0)
    i18n (0.6.4)
    multi_json (1.7.2)
    rake (10.0.3)

PLATFORMS
  ruby

DEPENDENCIES
  activesupport
  rake
