GEM
  remote: https://rubygems.org/
  specs:
    activemodel (3.2.13)
      activesupport (= 3.2.13)
      builder (~> 3.0.0)
    activesupport (3.2.13)
      i18n (= 0.6.1)
      multi_json (~> 1.0)
    builder (3.0.4)
    i18n (0.6.1)
    multi_json (1.7.2)
    rake (10.0.3)

PLATFORMS
  ruby

DEPENDENCIES
  activemodel (~> 3.2.13)
  activesupport (~> 3.2.13)
  rake
